PATH
  remote: .
  specs:
    arvados (0.1.20140228213600)
      activesupport (>= 3.2.13)
      andand
      google-api-client (~> 0.6.3)
      json (>= 1.7.7)

GEM
  remote: https://rubygems.org/
  specs:
    activesupport (3.2.17)
      i18n (~> 0.6, >= 0.6.4)
      multi_json (~> 1.0)
    addressable (2.3.5)
    andand (1.3.3)
    autoparse (0.3.3)
      addressable (>= 2.3.1)
      extlib (>= 0.9.15)
      multi_json (>= 1.0.0)
    extlib (0.9.16)
    faraday (0.8.9)
      multipart-post (~> 1.2.0)
    google-api-client (0.6.4)
      addressable (>= 2.3.2)
      autoparse (>= 0.3.3)
      extlib (>= 0.9.15)
      faraday (~> 0.8.4)
      jwt (>= 0.1.5)
      launchy (>= 2.1.1)
      multi_json (>= 1.0.0)
      signet (~> 0.4.5)
      uuidtools (>= 2.1.0)
    i18n (0.6.9)
    json (1.8.1)
    jwt (0.1.11)
      multi_json (>= 1.5)
    launchy (2.4.2)
      addressable (~> 2.3)
    minitest (5.2.2)
    multi_json (1.8.4)
    multipart-post (1.2.0)
    rake (10.1.1)
    signet (0.4.5)
      addressable (>= 2.2.3)
      faraday (~> 0.8.1)
      jwt (>= 0.1.5)
      multi_json (>= 1.0.0)
    uuidtools (2.1.4)

PLATFORMS
  ruby

DEPENDENCIES
  arvados!
  minitest (>= 5.0.0)
  rake
